PATH
  remote: .
  specs:
    beam (0.0.2)

GEM
  remote: https://rubygems.org/
  specs:
    rake (10.1.0)

PLATFORMS
  ruby

DEPENDENCIES
  beam!
  bundler (~> 1.3)
  rake
